GIT
  remote: git://github.com/itmedia/client.git
  revision: d9d48e5a999fe75fc0fcef66fd464f7e93af2ce9
  specs:
    media-client (0.0.1)
      faraday
      yajl-ruby

GIT
  remote: git://github.com/itmedia/media-persistence.git
  revision: b56977352e65c0c6f27ab8651ede9c9a9112c627
  specs:
    media-persistence (0.0.1)
      sequel
      sequel_pg

GIT
  remote: git://github.com/itmedia/media-queue.git
  revision: de9437e9c46b61bf1100494a0713303e75816688
  specs:
    media-queue (0.0.1)
      queue_classic (~> 2.2)

GIT
  remote: git://github.com/itmedia/media-web.git
  revision: 97e4a00783c3e0fdfc3d2198f6fc123ceacc6291
  specs:
    media-web (0.0.1)
      puma
      rack-cache
      sinatra
      slim
      yajl-ruby

GEM
  remote: https://rubygems.org/
  specs:
    dotenv (0.9.0)
    faraday (0.8.8)
      multipart-post (~> 1.2.0)
    foreman (0.63.0)
      dotenv (>= 0.7)
      thor (>= 0.13.6)
    multipart-post (1.2.0)
    pg (0.17.0)
    puma (2.6.0)
      rack (>= 1.1, < 2.0)
    queue_classic (2.2.3)
      pg (~> 0.17.0)
    rack (1.5.2)
    rack-cache (1.2)
      rack (>= 0.4)
    rack-protection (1.5.1)
      rack
    rake (10.1.0)
    sequel (4.4.0)
    sequel_pg (1.6.8)
      pg (>= 0.8.0)
      sequel (>= 3.39.0)
    sinatra (1.4.4)
      rack (~> 1.4)
      rack-protection (~> 1.4)
      tilt (~> 1.3, >= 1.3.4)
    slim (2.0.2)
      temple (~> 0.6.6)
      tilt (>= 1.3.3, < 2.1)
    temple (0.6.7)
    thor (0.18.1)
    tilt (1.4.1)
    yajl-ruby (1.1.0)

PLATFORMS
  ruby

DEPENDENCIES
  foreman
  media-client!
  media-persistence!
  media-queue!
  media-web!
  rake
